GIT
  remote: https://github.com/bkuhlmann/xdg
  revision: 9f3aa51e75d6aec4ec100752f5a2afdeecb4faed
  tag: 3.0.2
  specs:
    xdg (3.0.2)

GEM
  remote: https://rubygems.org/
  specs:
    aws-eventstream (1.2.0)
    aws-partitions (1.660.0)
    aws-sdk-core (3.167.0)
      aws-eventstream (~> 1, >= 1.0.2)
      aws-partitions (~> 1, >= 1.651.0)
      aws-sigv4 (~> 1.5)
      jmespath (~> 1, >= 1.6.1)
    aws-sdk-kms (1.59.0)
      aws-sdk-core (~> 3, >= 3.165.0)
      aws-sigv4 (~> 1.1)
    aws-sdk-s3 (1.117.1)
      aws-sdk-core (~> 3, >= 3.165.0)
      aws-sdk-kms (~> 1)
      aws-sigv4 (~> 1.4)
    aws-sigv4 (1.5.2)
      aws-eventstream (~> 1, >= 1.0.2)
    azure-storage-common (2.0.4)
      faraday (~> 1.0)
      faraday_middleware (~> 1.0, >= 1.0.0.rc1)
      net-http-persistent (~> 4.0)
      nokogiri (~> 1, >= 1.10.8)
    azure-storage-file (2.0.4)
      azure-storage-common (~> 2.0)
      nokogiri (~> 1, >= 1.10.8)
    commander-openflighthpc (2.2.0)
      highline (> 1.7.2)
      paint (~> 2.1.0)
      slop (~> 4.8)
    connection_pool (2.3.0)
    faraday (1.10.2)
      faraday-em_http (~> 1.0)
      faraday-em_synchrony (~> 1.0)
      faraday-excon (~> 1.1)
      faraday-httpclient (~> 1.0)
      faraday-multipart (~> 1.0)
      faraday-net_http (~> 1.0)
      faraday-net_http_persistent (~> 1.0)
      faraday-patron (~> 1.0)
      faraday-rack (~> 1.0)
      faraday-retry (~> 1.0)
      ruby2_keywords (>= 0.0.4)
    faraday-em_http (1.0.0)
    faraday-em_synchrony (1.0.0)
    faraday-excon (1.1.0)
    faraday-httpclient (1.0.1)
    faraday-multipart (1.0.4)
      multipart-post (~> 2)
    faraday-net_http (1.0.1)
    faraday-net_http_persistent (1.2.0)
    faraday-patron (1.0.0)
    faraday-rack (1.0.0)
    faraday-retry (1.0.3)
    faraday_middleware (1.2.0)
      faraday (~> 1.0)
    highline (2.0.3)
    jmespath (1.6.1)
    mini_portile2 (2.8.0)
    multipart-post (2.2.3)
    net-http-persistent (4.0.1)
      connection_pool (~> 2.2)
    nokogiri (1.13.9)
      mini_portile2 (~> 2.8.0)
      racc (~> 1.4)
    paint (2.1.1)
    pastel (0.8.0)
      tty-color (~> 0.5)
    racc (1.6.0)
    ruby2_keywords (0.0.5)
    slop (4.9.3)
    tty-color (0.6.0)
    tty-config (0.6.0)
    tty-cursor (0.7.1)
    tty-prompt (0.23.1)
      pastel (~> 0.8)
      tty-reader (~> 0.8)
    tty-reader (0.9.0)
      tty-cursor (~> 0.7)
      tty-screen (~> 0.8)
      wisper (~> 2.0)
    tty-screen (0.8.1)
    tty-tree (0.4.0)
    wisper (2.0.1)

PLATFORMS
  ruby

DEPENDENCIES
  aws-sdk-s3
  azure-storage-file
  commander-openflighthpc (~> 2.2.0)
  tty-config
  tty-prompt
  tty-tree
  xdg!

BUNDLED WITH
   2.1.4
