GIT
  remote: https://github.com/bkuhlmann/xdg
  revision: 9f3aa51e75d6aec4ec100752f5a2afdeecb4faed
  tag: 3.0.2
  specs:
    xdg (3.0.2)

GEM
  remote: https://rubygems.org/
  specs:
    commander-openflighthpc (1.1.2)
      highline (~> 1.7.2)
      paint (~> 2.1.0)
    highline (1.7.10)
    paint (2.1.1)
    pastel (0.8.0)
      tty-color (~> 0.5)
    tty-color (0.6.0)
    tty-config (0.6.0)
    tty-cursor (0.7.1)
    tty-prompt (0.23.1)
      pastel (~> 0.8)
      tty-reader (~> 0.8)
    tty-reader (0.9.0)
      tty-cursor (~> 0.7)
      tty-screen (~> 0.8)
      wisper (~> 2.0)
    tty-screen (0.8.1)
    tty-tree (0.4.0)
    wisper (2.0.1)

PLATFORMS
  ruby

DEPENDENCIES
  commander-openflighthpc (~> 1.1.0)
  tty-config
  tty-prompt
  tty-tree
  xdg!

BUNDLED WITH
   2.1.4
